GEM
  remote: http://rubygems.org/
  specs:
    bibtex-ruby (2.0.1)
      latex-decode (>= 0.0.6)
      multi_json (~> 1.0)
    diff-lcs (1.1.3)
    latex-decode (0.0.9)
      unicode (~> 0.4)
    multi_json (1.0.3)
    rake (0.9.2)
    rspec (2.7.0)
      rspec-core (~> 2.7.0)
      rspec-expectations (~> 2.7.0)
      rspec-mocks (~> 2.7.0)
    rspec-core (2.7.0)
    rspec-expectations (2.7.0)
      diff-lcs (~> 1.1.2)
    rspec-mocks (2.7.0)
    simplecov (0.5.4)
      multi_json (~> 1.0.3)
      simplecov-html (~> 0.5.3)
    simplecov-html (0.5.3)
    slop (2.1.0)
    unicode (0.4.0)
    yard (0.7.3)

PLATFORMS
  ruby

DEPENDENCIES
  bibtex-ruby
  rake
  rspec
  simplecov
  slop
  yard
